GEM
  remote: https://rubygems.org/
  specs:
    backports (3.6.4)
    foreman (0.78.0)
      thor (~> 0.19.1)
    multi_json (1.11.0)
    puma (2.11.1)
      rack (>= 1.1, < 2.0)
    rack (1.6.0)
    rack-mini-profiler (0.9.3)
      rack (>= 1.1.3)
    rack-protection (1.5.3)
      rack
    rack-test (0.6.3)
      rack (>= 1.0)
    rails_12factor (0.0.3)
      rails_serve_static_assets
      rails_stdout_logging
    rails_serve_static_assets (0.0.4)
    rails_stdout_logging (0.0.3)
    rufus-scheduler (3.0.9)
      tzinfo
    sinatra (1.4.5)
      rack (~> 1.4)
      rack-protection (~> 1.4)
      tilt (~> 1.3, >= 1.3.4)
    sinatra-contrib (1.4.2)
      backports (>= 2.0)
      multi_json
      rack-protection
      rack-test
      sinatra (~> 1.4.0)
      tilt (~> 1.3)
    thor (0.19.1)
    thread_safe (0.3.5)
    tilt (1.4.1)
    tzinfo (1.2.2)
      thread_safe (~> 0.1)

PLATFORMS
  ruby

DEPENDENCIES
  foreman (~> 0.78.0)
  puma (~> 2.11)
  rack-mini-profiler (~> 0.9.3)
  rails_12factor
  rufus-scheduler (~> 3.0.9)
  sinatra (~> 1.4.5)
  sinatra-contrib (~> 1.4.2)
